GIT
  remote: https://github.com/arkdy/swagger_yard.git
  revision: 1ef0be1d930fea0cb50bbca608095e161057e0d1
  specs:
    swagger_yard (1.0.4)
      parslet
      yard

GEM
  remote: https://rubygems.org/
  specs:
    diff-lcs (1.4.2)
    parslet (2.0.0)
    rack (2.2.3)
    rack-test (1.1.0)
      rack (>= 1.0, < 3)
    rake (13.0.1)
    roda (3.33.0)
      rack
    rspec (3.9.0)
      rspec-core (~> 3.9.0)
      rspec-expectations (~> 3.9.0)
      rspec-mocks (~> 3.9.0)
    rspec-core (3.9.2)
      rspec-support (~> 3.9.3)
    rspec-expectations (3.9.2)
      diff-lcs (>= 1.2.0, < 2.0)
      rspec-support (~> 3.9.0)
    rspec-mocks (3.9.1)
      diff-lcs (>= 1.2.0, < 2.0)
      rspec-support (~> 3.9.0)
    rspec-support (3.9.3)
    yard (0.9.25)

PLATFORMS
  ruby

DEPENDENCIES
  rack-test
  rake
  roda
  rspec
  swagger_yard!

BUNDLED WITH
   2.1.4
